PATH
  remote: .
  specs:
    github-auth (3.0.1)
      httparty (~> 0.11.0)
      thor (~> 0.18)

GEM
  remote: https://rubygems.org/
  specs:
    cane (2.6.0)
      parallel
    cane-hashcheck (1.2.0)
      cane
    coderay (1.0.9)
    coveralls (0.7.0)
      multi_json (~> 1.3)
      rest-client
      simplecov (>= 0.7)
      term-ansicolor
      thor
    daemons (1.1.9)
    diff-lcs (1.2.5)
    eventmachine (1.0.3)
    httparty (0.11.0)
      multi_json (~> 1.0)
      multi_xml (>= 0.5.2)
    method_source (0.8.2)
    mime-types (1.25)
    multi_json (1.8.2)
    multi_xml (0.5.5)
    parallel (0.9.0)
    pry (0.9.12.2)
      coderay (~> 1.0.5)
      method_source (~> 0.8)
      slop (~> 3.4)
    rack (1.5.2)
    rack-protection (1.5.0)
      rack
    rake (10.1.0)
    rest-client (1.6.7)
      mime-types (>= 1.16)
    rspec (2.14.1)
      rspec-core (~> 2.14.0)
      rspec-expectations (~> 2.14.0)
      rspec-mocks (~> 2.14.0)
    rspec-core (2.14.7)
    rspec-expectations (2.14.4)
      diff-lcs (>= 1.1.3, < 2.0)
    rspec-mocks (2.14.4)
    simplecov (0.7.1)
      multi_json (~> 1.0)
      simplecov-html (~> 0.7.1)
    simplecov-html (0.7.1)
    sinatra (1.4.3)
      rack (~> 1.4)
      rack-protection (~> 1.4)
      tilt (~> 1.3, >= 1.3.4)
    slop (3.4.6)
    term-ansicolor (1.2.2)
      tins (~> 0.8)
    thin (1.5.1)
      daemons (>= 1.0.9)
      eventmachine (>= 0.12.6)
      rack (>= 1.0.0)
    thor (0.18.1)
    tilt (1.4.1)
    tins (0.12.0)

PLATFORMS
  ruby

DEPENDENCIES
  bundler (~> 1.3)
  cane (~> 2.6.0)
  cane-hashcheck (~> 1.2.0)
  coveralls (~> 0.7.0)
  github-auth!
  pry (~> 0.9.12)
  rake (~> 10.1.0)
  rspec (~> 2.14.1)
  sinatra (~> 1.4.3)
  thin (~> 1.5.1)
